GEM
  remote: https://rubygems.org/
  specs:
    csv (3.3.5)
    json (2.13.2)
    mustermann (2.0.2)
      ruby2_keywords (~> 0.0.1)
    r18n-core (5.0.1)
    rack (2.2.17)
    rack-contrib (2.5.0)
      rack (< 4)
    rack-protection (2.2.4)
      rack
    ruby2_keywords (0.0.5)
    sinatra (2.2.4)
      mustermann (~> 2.0)
      rack (~> 2.2)
      rack-protection (= 2.2.4)
      tilt (~> 2.0)
    sinatra-r18n (5.0.2)
      r18n-core (~> 5.0)
      sinatra (>= 1.3, < 3)
    sqlite3 (2.7.3-aarch64-linux-gnu)
    sqlite3 (2.7.3-aarch64-linux-musl)
    sqlite3 (2.7.3-arm-linux-gnu)
    sqlite3 (2.7.3-arm-linux-musl)
    sqlite3 (2.7.3-arm64-darwin)
    sqlite3 (2.7.3-x86-linux-gnu)
    sqlite3 (2.7.3-x86-linux-musl)
    sqlite3 (2.7.3-x86_64-darwin)
    sqlite3 (2.7.3-x86_64-linux-gnu)
    sqlite3 (2.7.3-x86_64-linux-musl)
    tilt (2.6.1)

PLATFORMS
  aarch64-linux-gnu
  aarch64-linux-musl
  arm-linux-gnu
  arm-linux-musl
  arm64-darwin
  x86-linux-gnu
  x86-linux-musl
  x86_64-darwin
  x86_64-linux
  x86_64-linux-gnu
  x86_64-linux-musl

DEPENDENCIES
  csv
  json
  rack
  rack-contrib
  sinatra (~> 2.2.3)
  sinatra-r18n
  sqlite3

BUNDLED WITH
   2.7.1
